GEM
  remote: https://rubygems.org/
  specs:
    date (3.3.3)
    httparty (0.21.0)
      mini_mime (>= 1.0.0)
      multi_xml (>= 0.5.2)
    json (2.6.3)
    mini_mime (1.1.2)
    multi_xml (0.6.0)
    mustermann (3.0.0)
      ruby2_keywords (~> 0.0.1)
    rack (2.2.7)
    rack-protection (3.0.6)
      rack
    ruby2_keywords (0.0.5)
    sinatra (3.0.6)
      mustermann (~> 3.0)
      rack (~> 2.2, >= 2.2.4)
      rack-protection (= 3.0.6)
      tilt (~> 2.0)
    tilt (2.2.0)
    xrpc (0.1.2)
      date
      httparty
      json (>= 2.0)

PLATFORMS
  x86_64-darwin-22

DEPENDENCIES
  sinatra (~> 3.0.6)
  xrpc (>= 0.1.2)

BUNDLED WITH
   2.4.15
